GEM
  remote: https://rubygems.org/
  specs:
    aasm (5.2.0)
      concurrent-ruby (~> 1.0)
    concurrent-ruby (1.1.8)

PLATFORMS
  ruby

DEPENDENCIES
  aasm

BUNDLED WITH
   2.1.4
